GEM
  remote: https://rubygems.org/
  specs:
    rack (1.6.11)

PLATFORMS
  x64-mingw32

DEPENDENCIES
  rack (~> 1.6, >= 1.6.4)

BUNDLED WITH
   2.0.2
